GEM
  remote: http://rubygems.org/
  specs:
    adsf (1.0.1)
      rack (>= 1.0.0)
    chunky_png (1.2.5)
    compass (0.12.0)
      chunky_png (~> 1.2)
      fssm (>= 0.2.7)
      sass (~> 3.1)
    cri (2.2.0)
    fssm (0.2.8.1)
    mime-types (1.17.2)
    nanoc (3.3.1)
      cri (~> 2.1)
    rack (1.4.1)
    sass (3.1.15)

PLATFORMS
  ruby

DEPENDENCIES
  adsf
  compass
  fssm
  mime-types
  nanoc
